GEM
  remote: http://rubygems.org/
  remote: http://gems.github.com/
  specs:
    CFPropertyList (2.2.0)
    activesupport (3.2.11)
      i18n (~> 0.6)
      multi_json (~> 1.0)
    addressable (2.3.2)
    args_parser (0.1.4)
    awesome_print (1.1.0)
    builder (3.1.4)
    calabash-cucumber (0.9.129)
      CFPropertyList
      awesome_print
      bundler (~> 1.1)
      cucumber
      httpclient (= 2.2.7)
      json
      location-one (~> 0.0.8)
      run_loop (= 0.0.3)
      sim_launcher (= 0.4.6)
      slowhandcuke
    cobravsmongoose (0.0.2)
    cocoapods (0.16.1)
      activesupport (~> 3.2.6)
      colored (~> 1.2)
      escape (~> 0.0.4)
      faraday (~> 0.8.1)
      json (~> 1.7.3)
      octokit (~> 1.7)
      open4 (~> 1.3.0)
      rake (~> 0.9.4)
      xcodeproj (~> 0.4.1)
    colored (1.2)
    cucumber (1.2.1)
      builder (>= 2.1.2)
      diff-lcs (>= 1.1.3)
      gherkin (~> 2.11.0)
      json (>= 1.4.6)
    diff-lcs (1.1.3)
    escape (0.0.4)
    faraday (0.8.4)
      multipart-post (~> 1.1)
    faraday_middleware (0.9.0)
      faraday (>= 0.7.4, < 0.9)
    geocoder (1.1.6)
    gherkin (2.11.6)
      json (>= 1.7.6)
    hashie (1.2.0)
    httpclient (2.2.7)
    i18n (0.6.1)
    json (1.7.6)
    kballard-osx-plist (1.0.3)
    location-one (0.0.8)
      geocoder (~> 1.1)
      httpclient (= 2.2.7)
      json
    mime-types (1.19)
    multi_json (1.5.0)
    multipart-post (1.1.5)
    netrc (0.7.7)
    nokogiri (1.5.6)
    octokit (1.22.0)
      addressable (~> 2.2)
      faraday (~> 0.8)
      faraday_middleware (~> 0.9)
      hashie (~> 1.2)
      multi_json (~> 1.3)
      netrc (~> 0.7.7)
    open4 (1.3.0)
    osx-plist (1.0.3)
    plist (3.1.0)
    rack (1.5.1)
    rack-protection (1.3.2)
      rack
    rake (0.9.6)
    rest-client (1.6.7)
      mime-types (>= 1.16)
    rspec (2.12.0)
      rspec-core (~> 2.12.0)
      rspec-expectations (~> 2.12.0)
      rspec-mocks (~> 2.12.0)
    rspec-core (2.12.2)
    rspec-expectations (2.12.1)
      diff-lcs (~> 1.1.3)
    rspec-mocks (2.12.2)
    rugged (0.16.0)
    run_loop (0.0.3)
      thor
    sim_launcher (0.4.6)
      sinatra
    sinatra (1.3.4)
      rack (~> 1.4)
      rack-protection (~> 1.3)
      tilt (~> 1.3, >= 1.3.3)
    slowhandcuke (0.0.3)
      cucumber
    thor (0.17.0)
    tilt (1.3.3)
    xcode-yamlizer (0.0.4)
      args_parser
      cobravsmongoose
      json
      rugged
    xcodeproj (0.4.2)
      activesupport (~> 3.2.6)
      colored (~> 1.2)
    xcoder (0.1.15)
      builder
      json
      nokogiri
      plist
      rest-client

PLATFORMS
  ruby

DEPENDENCIES
  calabash-cucumber
  cocoapods
  kballard-osx-plist
  osx-plist
  rspec
  xcode-yamlizer
  xcoder
